{
    "TaskName": "sternberg",
    "Manufacturer": "CTF",
    "PowerLineFrequency": 60,
    "SamplingFrequency": 1200.0,
    "SoftwareFilters": "n/a",
    "RecordingDuration": 603.9991666666666,
    "RecordingType": "continuous",
    "DewarPosition": "upright",
    "DigitizedLandmarks": true,
    "DigitizedHeadPoints": false,
    "MEGChannelCount": 271,
    "MEGREFChannelCount": 271,
    "EEGChannelCount": 0,
    "EOGChannelCount": 0,
    "ECGChannelCount": 0,
    "EMGChannelCount": 0,
    "MiscChannelCount": 6,
    "TriggerChannelCount": 1,
    "InstitutionName": "National Institute of Mental Health",
    "InstitutionAddress": "9000 Rockville Pike, Bethesda, MD 20892",
    "ManufacturersModelName": "CTF-275",
    "SoftwareVersions": "Acq 6.1.14-beta-el6_8.x86_64-20180116-3847",
    "TaskDescription": "Participants view 4 or 6 character strings of letters, then a single character. They are asked to respond whether or not the single character appeared in the preceding string.",
    "Instructions": "'This is a memory task. You will see some letters, followed by a delay. Next, you will see a single letter. Press the left button if the letter was in the previous set, press the right button if it was not.\u2019",
    "CogAtlasID": "https://www.cognitiveatlas.org/task/id/tsk_4a57abb949e0c/",
    "DeviceSerialNumber": "M015_1609",
    "HeadCoilFrequency": [
        435.0,
        465.0,
        52.0
    ],
    "ECOGChannelCount": 0,
    "SEEGChannelCount": 0,
    "ContinuousHeadLocalization": false,
    "SubjectArtefactDescription": "n/a",
    "EEGPlacementScheme": "n/a",
    "CapManufacturer": "n/a",
    "CapManufacturersModelName": "n/a",
    "EEGReference": "n/a"
}