{
    "Modality": "MR",
    "MagneticFieldStrength": 3,
    "ImagingFrequency": 127.697,
    "Manufacturer": "GE",
    "ManufacturersModelName": "DISCOVERY MR750",
    "InstitutionName": "NIH FMRIF",
    "DeviceSerialNumber": "000301496MR3T6MR",
    "StationName": "fmrif3tb",
    "BodyPartExamined": "BRAIN",
    "PatientPosition": "HFS",
    "ProcedureStepDescription": "MRI Brain",
    "SoftwareVersions": "27\\LX\\MR Software release:DV26.0_EB_1707.b",
    "MRAcquisitionType": "2D",
    "SeriesDescription": "B0 Map - rsfMRI",
    "ProtocolName": "ADNI3 FMRIF Enhanced Pro",
    "ScanningSequence": "RM",
    "SequenceVariant": "NONE",
    "ScanOptions": "VB_GEMS",
    "ImageType": [
        "ORIGINAL",
        "PRIMARY",
        "OTHER",
        "REAL",
        "FIELDMAPHZ"
    ],
    "RawImage": false,
    "SeriesNumber": 13,
    "AcquisitionTime": "16:23:21.000000",
    "AcquisitionNumber": 1,
    "Units": "Hz",
    "SliceThickness": 3.4,
    "SpacingBetweenSlices": 3.4,
    "SAR": 0.0757985,
    "EchoTime": 0.004608,
    "RepetitionTime": 0.6,
    "FlipAngle": 40,
    "CoilString": "32Ch Head",
    "PercentPhaseFOV": 100,
    "PercentSampling": 100,
    "AcquisitionMatrixPE": 64,
    "ReconMatrixPE": 64,
    "ParallelReductionFactorInPlane": 2,
    "EffectiveEchoSpacing": 0.00113371,
    "TotalReadoutTime": 0.071424,
    "PixelBandwidth": 976.562,
    "PhaseEncodingAxis": "j",
    "ImageOrientationPatientDICOM": [
        1,
        0,
        0,
        0,
        1,
        0
    ],
    "InPlanePhaseEncodingDirectionDICOM": "COL",
    "ConversionSoftware": "dcm2niix",
    "ConversionSoftwareVersion": "v1.0.20211006",
    "Dcm2bidsVersion": "2.1.6"
}