{
    "TaskName": "oddball",
    "Manufacturer": "CTF",
    "PowerLineFrequency": 60,
    "SamplingFrequency": 1200.0,
    "SoftwareFilters": "n/a",
    "RecordingDuration": 339.99916666666667,
    "RecordingType": "continuous",
    "DewarPosition": "upright",
    "DigitizedLandmarks": true,
    "DigitizedHeadPoints": false,
    "MEGChannelCount": 272,
    "MEGREFChannelCount": 272,
    "EEGChannelCount": 0,
    "EOGChannelCount": 0,
    "ECGChannelCount": 0,
    "EMGChannelCount": 0,
    "MiscChannelCount": 87,
    "TriggerChannelCount": 1,
    "InstitutionName": "National Institute of Mental Health",
    "InstitutionAddress": "9000 Rockville Pike, Bethesda, MD 20892",
    "ManufacturersModelName": "CTF-275",
    "SoftwareVersions": "Acq 6.1.14-beta-el6_8.x86_64-20180116-3847",
    "TaskDescription": "Participants listen to auditory stimuli consisting of a low tone (standard), a high tone (infrequent target), and a white noise burst (infrequent distractor). Participants are asked to respond to the high tone (infrequent target).",
    "Instructions": "'You will hear a series of brief sounds. Two will be tones with different pitches and one will sound like static. Your job is to press the red button with your thumb when you hear the higher pitched tone only. Ignore the lower pitched tone and the static sound. We will play you a sample now to test the sound level. Please practice responding to the higher pitched tone so that we will know you understand the task. Please keep your eyes open and focused on the dot in the center of the screen.\u2019",
    "CogAtlasID": "https://www.cognitiveatlas.org/task/id/tsk_4a57abb949bf6/",
    "DeviceSerialNumber": "M015_1609",
    "HeadCoilFrequency": [
        435.0,
        465.0,
        52.0
    ],
    "ECOGChannelCount": 0,
    "SEEGChannelCount": 0,
    "ContinuousHeadLocalization": false,
    "SubjectArtefactDescription": "n/a",
    "EEGPlacementScheme": "n/a",
    "CapManufacturer": "n/a",
    "CapManufacturersModelName": "n/a",
    "EEGReference": "n/a"
}