{
    "Modality": "MR",
    "MagneticFieldStrength": 3,
    "ImagingFrequency": 127.695784,
    "Manufacturer": "GE",
    "InternalPulseSequenceName": "EPI2",
    "ManufacturersModelName": "DISCOVERY MR750",
    "InstitutionName": "NIH FMRIF",
    "DeviceSerialNumber": "000301496MR3T6MR",
    "StationName": "fmrif3tb",
    "BodyPartExamined": "BRAIN",
    "PatientPosition": "HFS",
    "ProcedureStepDescription": "MRI BrainSpin Echo",
    "SoftwareVersions": "27\\LX\\MR Software release:DV26.0_R03_1831.b",
    "MRAcquisitionType": "2D",
    "SeriesDescription": "Axial DTI B 1000 - RKV",
    "ProtocolName": "[XT-ID:17-M-0181] ADNI3",
    "ScanningSequence": "EP\\SE",
    "SequenceVariant": "NONE",
    "ScanOptions": "SAT_GEMS\\EPI_GEMS\\FILTERED_GEMS\\ACC_GEMS\\PFF\\FS",
    "PulseSequenceName": "epi2",
    "ImageType": [
        "ORIGINAL",
        "PRIMARY",
        "OTHER"
    ],
    "SeriesNumber": 7,
    "AcquisitionTime": "14:55:7.000000",
    "AcquisitionNumber": 1,
    "SliceThickness": 2,
    "SpacingBetweenSlices": 2,
    "SAR": 0.318807,
    "EchoTime": 0.0649,
    "RepetitionTime": 7.8,
    "FlipAngle": 90,
    "PhaseEncodingPolarityGE": "Flipped",
    "ShimSetting": [
        3,
        -2,
        -16
    ],
    "PrescanReuseString": "RN/s1",
    "NumberOfDiffusionDirectionGE": 48,
    "NumberOfDiffusionT2GE": 6,
    "CoilString": "32Ch Head",
    "PercentPhaseFOV": 100,
    "PercentSampling": 100,
    "AcquisitionMatrixPE": 116,
    "ReconMatrixPE": 128,
    "ParallelReductionFactorInPlane": 2,
    "EffectiveEchoSpacing": 0.000408383,
    "TotalReadoutTime": 0.0518646,
    "PixelBandwidth": 3906.25,
    "PhaseEncodingDirection": "j",
    "SliceTiming": [
        0,
        3.9,
        0.105405,
        4.00541,
        0.210811,
        4.11081,
        0.316216,
        4.21622,
        0.421622,
        4.32162,
        0.527027,
        4.42703,
        0.632432,
        4.53243,
        0.737838,
        4.63784,
        0.843243,
        4.74324,
        0.948649,
        4.84865,
        1.05405,
        4.95405,
        1.15946,
        5.05946,
        1.26486,
        5.16486,
        1.37027,
        5.27027,
        1.47568,
        5.37568,
        1.58108,
        5.48108,
        1.68649,
        5.58649,
        1.79189,
        5.69189,
        1.8973,
        5.7973,
        2.0027,
        5.9027,
        2.10811,
        6.00811,
        2.21351,
        6.11351,
        2.31892,
        6.21892,
        2.42432,
        6.32432,
        2.52973,
        6.42973,
        2.63514,
        6.53513,
        2.74054,
        6.64054,
        2.84595,
        6.74595,
        2.95135,
        6.85135,
        3.05676,
        6.95676,
        3.16216,
        7.06216,
        3.26757,
        7.16757,
        3.37297,
        7.27297,
        3.47838,
        7.37838,
        3.58378,
        7.48378,
        3.68919,
        7.58919,
        3.79459,
        7.69459
    ],
    "ImageOrientationPatientDICOM": [
        1,
        0,
        0,
        0,
        1,
        0
    ],
    "InPlanePhaseEncodingDirectionDICOM": "COL",
    "BidsGuess": [
        "dwi",
        "_acq-EPI2p2_dir-PA_run-7_dwi"
    ],
    "ConversionSoftware": "dcm2niix",
    "ConversionSoftwareVersion": "v1.0.20240202",
    "Dcm2bidsVersion": "3.1.1"
}