{
    "Modality": "MR",
    "MagneticFieldStrength": 3,
    "ImagingFrequency": 127.695786,
    "Manufacturer": "GE",
    "InternalPulseSequenceName": "EPI",
    "ManufacturersModelName": "DISCOVERY MR750",
    "InstitutionName": "NIH FMRIF",
    "DeviceSerialNumber": "000301496MR3T6MR",
    "StationName": "fmrif3tb",
    "BodyPartExamined": "BRAIN",
    "PatientPosition": "HFS",
    "ProcedureStepDescription": "MRI BrainGradient Echo",
    "SoftwareVersions": "27\\LX\\MR Software release:DV26.0_R03_1831.b",
    "MRAcquisitionType": "2D",
    "SeriesDescription": "Axial rsfMRI reverse blip - RKV",
    "ProtocolName": "[XT-ID:17-M-0181] ADNI3",
    "ScanningSequence": "EP\\RM",
    "SequenceVariant": "NONE",
    "ScanOptions": "EDR_GEMS\\MP_GEMS\\EPI_GEMS\\HYPERBAND_GEMS\\ACC_GEMS",
    "PulseSequenceName": "VR/epiRTmbmeNIH",
    "ImageType": [
        "ORIGINAL",
        "PRIMARY",
        "OTHER"
    ],
    "SeriesNumber": 11,
    "AcquisitionTime": "14:06:39.000000",
    "AcquisitionNumber": 1,
    "TriggerDelayTime": 239895,
    "SliceThickness": 3,
    "SpacingBetweenSlices": 3,
    "SAR": 0.0504714,
    "EchoNumber": 4,
    "EchoTime": 0.075516,
    "RepetitionTime": 2,
    "FlipAngle": 65,
    "PhaseEncodingPolarityGE": "Unflipped",
    "ShimSetting": [
        2,
        -2,
        -12
    ],
    "CoilString": "32Ch Head",
    "MultibandAccelerationFactor": 2,
    "PercentPhaseFOV": 100,
    "PercentSampling": 100,
    "AcquisitionMatrixPE": 72,
    "ReconMatrixPE": 72,
    "ParallelReductionFactorInPlane": 2,
    "EffectiveEchoSpacing": 0.000266197,
    "TotalReadoutTime": 0.0189,
    "PixelBandwidth": 444.444,
    "PhaseEncodingDirection": "j-",
    "SliceTiming": [
        0,
        1.05263,
        0.105263,
        1.15789,
        0.210526,
        1.26316,
        0.315789,
        1.36842,
        0.421053,
        1.47368,
        0.526316,
        1.57895,
        0.631579,
        1.68421,
        0.736842,
        1.78947,
        0.842105,
        1.89474,
        0.947368,
        0,
        1.05263,
        0.105263,
        1.15789,
        0.210526,
        1.26316,
        0.315789,
        1.36842,
        0.421053,
        1.47368,
        0.526316,
        1.57895,
        0.631579,
        1.68421,
        0.736842,
        1.78947,
        0.842105,
        1.89474,
        0.947368
    ],
    "ImageOrientationPatientDICOM": [
        0.9996,
        0,
        0.02825,
        -0.00188,
        0.99778,
        0.06651
    ],
    "InPlanePhaseEncodingDirectionDICOM": "COL",
    "BidsGuess": [
        "func",
        "_acq-MEPIp2_dir-AP_run-11_echo-4_bold"
    ],
    "ConversionSoftware": "dcm2niix",
    "ConversionSoftwareVersion": "v1.0.20240202",
    "Dcm2bidsVersion": "3.1.1",
    "TaskName": "Resting state with reverse blip."
}