{
    "Modality": "MR",
    "MagneticFieldStrength": 3,
    "ImagingFrequency": 127.695837,
    "Manufacturer": "GE",
    "InternalPulseSequenceName": "EPI2",
    "ManufacturersModelName": "DISCOVERY MR750",
    "InstitutionName": "NIH FMRIF",
    "DeviceSerialNumber": "000301496MR3T6MR",
    "StationName": "fmrif3tb",
    "BodyPartExamined": "BRAIN",
    "PatientPosition": "HFS",
    "ProcedureStepDescription": "MRI BrainSpin Echo",
    "SoftwareVersions": "27\\LX\\MR Software release:DV26.0_R03_1831.b",
    "MRAcquisitionType": "2D",
    "SeriesDescription": "Axial DTI B 1000 - RKV",
    "ProtocolName": "[XT-ID:17-M-0181] ADNI3",
    "ScanningSequence": "EP\\SE",
    "SequenceVariant": "NONE",
    "ScanOptions": "SAT_GEMS\\EPI_GEMS\\FILTERED_GEMS\\ACC_GEMS\\PFF\\FS",
    "PulseSequenceName": "epi2",
    "ImageType": [
        "ORIGINAL",
        "PRIMARY",
        "OTHER"
    ],
    "SeriesNumber": 7,
    "AcquisitionTime": "12:51:26.000000",
    "AcquisitionNumber": 1,
    "SliceThickness": 2,
    "SpacingBetweenSlices": 2,
    "SAR": 0.377684,
    "EchoTime": 0.0606,
    "RepetitionTime": 7.8,
    "FlipAngle": 90,
    "PhaseEncodingPolarityGE": "Flipped",
    "ShimSetting": [
        3,
        0,
        -12
    ],
    "PrescanReuseString": "RN/s1",
    "NumberOfDiffusionDirectionGE": 48,
    "NumberOfDiffusionT2GE": 6,
    "CoilString": "32Ch Head",
    "PercentPhaseFOV": 100,
    "PercentSampling": 100,
    "AcquisitionMatrixPE": 116,
    "ReconMatrixPE": 128,
    "ParallelReductionFactorInPlane": 2,
    "EffectiveEchoSpacing": 0.000350922,
    "TotalReadoutTime": 0.0445671,
    "PixelBandwidth": 3906.25,
    "PhaseEncodingDirection": "j",
    "SliceTiming": [
        0,
        3.9,
        0.0975,
        3.9975,
        0.195,
        4.095,
        0.2925,
        4.1925,
        0.39,
        4.29,
        0.4875,
        4.3875,
        0.585,
        4.485,
        0.6825,
        4.5825,
        0.78,
        4.68,
        0.8775,
        4.7775,
        0.975,
        4.875,
        1.0725,
        4.9725,
        1.17,
        5.07,
        1.2675,
        5.1675,
        1.365,
        5.265,
        1.4625,
        5.3625,
        1.56,
        5.46,
        1.6575,
        5.5575,
        1.755,
        5.655,
        1.8525,
        5.7525,
        1.95,
        5.85,
        2.0475,
        5.9475,
        2.145,
        6.045,
        2.2425,
        6.1425,
        2.34,
        6.24,
        2.4375,
        6.3375,
        2.535,
        6.435,
        2.6325,
        6.5325,
        2.73,
        6.63,
        2.8275,
        6.7275,
        2.925,
        6.825,
        3.0225,
        6.9225,
        3.12,
        7.02,
        3.2175,
        7.1175,
        3.315,
        7.215,
        3.4125,
        7.3125,
        3.51,
        7.41,
        3.6075,
        7.5075,
        3.705,
        7.605,
        3.8025,
        7.7025
    ],
    "ImageOrientationPatientDICOM": [
        1,
        0,
        0,
        0,
        1,
        0
    ],
    "InPlanePhaseEncodingDirectionDICOM": "COL",
    "BidsGuess": [
        "dwi",
        "_acq-EPI2p2_dir-PA_run-7_dwi"
    ],
    "ConversionSoftware": "dcm2niix",
    "ConversionSoftwareVersion": "v1.0.20240202",
    "Dcm2bidsVersion": "3.1.1"
}