{
    "TaskName": "airpuff",
    "Manufacturer": "CTF",
    "PowerLineFrequency": 60.0,
    "SamplingFrequency": 1200.0,
    "SoftwareFilters": {
        "SpatialCompensation": {
            "GradientOrder": 3
        }
    },
    "RecordingDuration": 250.99916666666667,
    "RecordingType": "continuous",
    "DewarPosition": "n/a",
    "DigitizedLandmarks": true,
    "DigitizedHeadPoints": false,
    "MEGChannelCount": 271,
    "MEGREFChannelCount": 28,
    "ContinuousHeadLocalization": false,
    "HeadCoilFrequency": [],
    "EEGChannelCount": 0,
    "EOGChannelCount": 0,
    "ECGChannelCount": 0,
    "EMGChannelCount": 0,
    "MiscChannelCount": 3,
    "TriggerChannelCount": 0
}
