{
    "Modality": "MR",
    "MagneticFieldStrength": 3,
    "ImagingFrequency": 127.697,
    "Manufacturer": "GE",
    "PulseSequenceName": "epi",
    "InternalPulseSequenceName": "EPI",
    "ManufacturersModelName": "DISCOVERY MR750",
    "InstitutionName": "NIH FMRIF",
    "DeviceSerialNumber": "000301496MR3T6MR",
    "StationName": "fmrif3tb",
    "BodyPartExamined": "BRAIN",
    "PatientPosition": "HFS",
    "ProcedureStepDescription": "MRI Brain",
    "SoftwareVersions": "27\\LX\\MR Software release:DV26.0_R01_1725.a",
    "MRAcquisitionType": "2D",
    "SeriesDescription": "Axial rsfMRI with Eyes Open - RKV",
    "ProtocolName": "ADNI3 FMRIF Enhanced Pro",
    "ScanningSequence": "EP\\GR",
    "SequenceVariant": "SS",
    "ScanOptions": "MP_GEMS\\EPI_GEMS\\PFF",
    "ImageType": [
        "ORIGINAL",
        "PRIMARY",
        "OTHER"
    ],
    "SeriesNumber": 11,
    "AcquisitionTime": "15:55:59.000000",
    "AcquisitionNumber": 1,
    "TriggerDelayTime": 599938,
    "SliceThickness": 3.4,
    "SpacingBetweenSlices": 3.4,
    "SAR": 0.151934,
    "EchoTime": 0.0169,
    "RepetitionTime": 3,
    "FlipAngle": 90,
    "PhaseEncodingPolarityGE": "Flipped",
    "CoilString": "32Ch Head",
    "PercentPhaseFOV": 100,
    "PercentSampling": 100,
    "AcquisitionMatrixPE": 64,
    "ReconMatrixPE": 64,
    "EffectiveEchoSpacing": 0.000416,
    "TotalReadoutTime": 0.026208,
    "PixelBandwidth": 7812.5,
    "PhaseEncodingDirection": "j",
    "SliceTiming": [
        0,
        1.5,
        0.0625,
        1.5625,
        0.125,
        1.625,
        0.1875,
        1.6875,
        0.25,
        1.75,
        0.3125,
        1.8125,
        0.375,
        1.875,
        0.4375,
        1.9375,
        0.5,
        2,
        0.5625,
        2.0625,
        0.625,
        2.125,
        0.6875,
        2.1875,
        0.75,
        2.25,
        0.8125,
        2.3125,
        0.875,
        2.375,
        0.9375,
        2.4375,
        1,
        2.5,
        1.0625,
        2.5625,
        1.125,
        2.625,
        1.1875,
        2.6875,
        1.25,
        2.75,
        1.3125,
        2.8125,
        1.375,
        2.875,
        1.4375,
        2.9375
    ],
    "ImageOrientationPatientDICOM": [
        1,
        0,
        0,
        0,
        1,
        0
    ],
    "InPlanePhaseEncodingDirectionDICOM": "COL",
    "ConversionSoftware": "dcm2niix",
    "ConversionSoftwareVersion": "v1.0.20211006",
    "Dcm2bidsVersion": "2.1.6",
    "TaskName": "Resting state with eyes open."
}