{
    "Modality": "MR",
    "MagneticFieldStrength": 3,
    "ImagingFrequency": 127.695786,
    "Manufacturer": "GE",
    "InternalPulseSequenceName": "EPI2",
    "ManufacturersModelName": "DISCOVERY MR750",
    "InstitutionName": "NIH FMRIF",
    "DeviceSerialNumber": "000301496MR3T6MR",
    "StationName": "fmrif3tb",
    "BodyPartExamined": "BRAIN",
    "PatientPosition": "HFS",
    "ProcedureStepDescription": "MRI BrainSpin Echo",
    "SoftwareVersions": "27\\LX\\MR Software release:DV26.0_R03_1831.b",
    "MRAcquisitionType": "2D",
    "SeriesDescription": "Axial DTI 24dirs flipped - RKV",
    "ProtocolName": "[XT-ID:17-M-0181] ADNI3",
    "ScanningSequence": "EP\\SE",
    "SequenceVariant": "NONE",
    "ScanOptions": "SAT_GEMS\\EPI_GEMS\\FILTERED_GEMS\\ACC_GEMS\\PFF\\FS",
    "PulseSequenceName": "epi2",
    "ImageType": [
        "ORIGINAL",
        "PRIMARY",
        "OTHER"
    ],
    "SeriesNumber": 8,
    "AcquisitionTime": "12:46:10.000000",
    "AcquisitionNumber": 1,
    "SliceThickness": 2,
    "SpacingBetweenSlices": 2,
    "SAR": 0.333705,
    "EchoTime": 0.0614,
    "RepetitionTime": 7.8,
    "FlipAngle": 90,
    "PhaseEncodingPolarityGE": "Unflipped",
    "ShimSetting": [
        3,
        -1,
        -16
    ],
    "NumberOfDiffusionDirectionGE": 24,
    "NumberOfDiffusionT2GE": 3,
    "CoilString": "32Ch Head",
    "PercentPhaseFOV": 100,
    "PercentSampling": 100,
    "AcquisitionMatrixPE": 116,
    "ReconMatrixPE": 128,
    "ParallelReductionFactorInPlane": 2,
    "EffectiveEchoSpacing": 0.000350922,
    "TotalReadoutTime": 0.0445671,
    "PixelBandwidth": 3906.25,
    "PhaseEncodingDirection": "j-",
    "SliceTiming": [
        0,
        3.94937,
        0.0987342,
        4.0481,
        0.197468,
        4.14684,
        0.296203,
        4.24557,
        0.394937,
        4.3443,
        0.493671,
        4.44304,
        0.592405,
        4.54177,
        0.691139,
        4.64051,
        0.789873,
        4.73924,
        0.888608,
        4.83797,
        0.987342,
        4.93671,
        1.08608,
        5.03544,
        1.18481,
        5.13418,
        1.28354,
        5.23291,
        1.38228,
        5.33165,
        1.48101,
        5.43038,
        1.57975,
        5.52911,
        1.67848,
        5.62785,
        1.77722,
        5.72658,
        1.87595,
        5.82532,
        1.97468,
        5.92405,
        2.07342,
        6.02278,
        2.17215,
        6.12152,
        2.27089,
        6.22025,
        2.36962,
        6.31899,
        2.46835,
        6.41772,
        2.56709,
        6.51646,
        2.66582,
        6.61519,
        2.76456,
        6.71392,
        2.86329,
        6.81266,
        2.96203,
        6.91139,
        3.06076,
        7.01013,
        3.15949,
        7.10886,
        3.25823,
        7.20759,
        3.35696,
        7.30633,
        3.4557,
        7.40506,
        3.55443,
        7.5038,
        3.65316,
        7.60253,
        3.7519,
        7.70127,
        3.85063
    ],
    "ImageOrientationPatientDICOM": [
        1,
        0,
        0,
        0,
        1,
        0
    ],
    "InPlanePhaseEncodingDirectionDICOM": "COL",
    "BidsGuess": [
        "dwi",
        "_acq-EPI2p2_dir-AP_run-8_dwi"
    ],
    "ConversionSoftware": "dcm2niix",
    "ConversionSoftwareVersion": "v1.0.20240202",
    "Dcm2bidsVersion": "3.1.1"
}