{
    "Modality": "MR",
    "MagneticFieldStrength": 3,
    "ImagingFrequency": 127.824,
    "Manufacturer": "GE",
    "ManufacturersModelName": "DISCOVERY MR750",
    "InstitutionName": "NIH FMRIF",
    "DeviceSerialNumber": "000301496mr3T5mr",
    "StationName": "FMRI3ta",
    "BodyPartExamined": "BRAIN",
    "PatientPosition": "HFS",
    "ProcedureStepDescription": "MRI Brain",
    "SoftwareVersions": "27\\LX\\MR Software release:DV26.0_R03_1831.b",
    "MRAcquisitionType": "2D",
    "SeriesDescription": "Axial T2 Star",
    "ProtocolName": "ADNI3 FMRIF Enhanced Pro",
    "ScanningSequence": "GR",
    "SequenceVariant": "SS",
    "ScanOptions": "FC\\EDR_GEMS\\FILTERED_GEMS",
    "ImageType": [
        "ORIGINAL",
        "PRIMARY",
        "OTHER"
    ],
    "SeriesNumber": 6,
    "AcquisitionTime": "09:51:31.000000",
    "AcquisitionNumber": 1,
    "SliceThickness": 4,
    "SpacingBetweenSlices": 4,
    "SAR": 0.00930459,
    "EchoTime": 0.02,
    "RepetitionTime": 0.65,
    "FlipAngle": 20,
    "CoilString": "32Ch Head",
    "PercentPhaseFOV": 100,
    "PercentSampling": 100,
    "AcquisitionMatrixPE": 192,
    "ReconMatrixPE": 256,
    "ParallelReductionFactorInPlane": 2,
    "PixelBandwidth": 195.312,
    "PhaseEncodingAxis": "i",
    "ImageOrientationPatientDICOM": [
        1,
        0,
        0,
        0,
        1,
        0
    ],
    "InPlanePhaseEncodingDirectionDICOM": "ROW",
    "ConversionSoftware": "dcm2niix",
    "ConversionSoftwareVersion": "v1.0.20211006",
    "Dcm2bidsVersion": "2.1.6"
}