{
    "Modality": "MR",
    "MagneticFieldStrength": 3,
    "ImagingFrequency": 127.697,
    "Manufacturer": "GE",
    "ManufacturersModelName": "DISCOVERY MR750",
    "InstitutionName": "NIH FMRIF",
    "DeviceSerialNumber": "000301496MR3T6MR",
    "StationName": "fmrif3tb",
    "BodyPartExamined": "BRAIN",
    "PatientPosition": "HFS",
    "ProcedureStepDescription": "MRI Brain",
    "SoftwareVersions": "27\\LX\\MR Software release:DV26.0_EB_1707.b",
    "MRAcquisitionType": "2D",
    "SeriesDescription": "HighResHippo",
    "ProtocolName": "ADNI3 Basic Human Protoc",
    "ScanningSequence": "SE",
    "SequenceVariant": "SK",
    "ScanOptions": "FAST_GEMS\\FILTERED_GEMS\\ACC_GEMS\\FSI_GEMS",
    "ImageType": [
        "ORIGINAL",
        "PRIMARY",
        "OTHER"
    ],
    "SeriesNumber": 12,
    "AcquisitionTime": "14:53:57.000000",
    "AcquisitionNumber": 1,
    "SliceThickness": 2,
    "SpacingBetweenSlices": 2,
    "SAR": 0.354,
    "EchoTime": 0.048984,
    "RepetitionTime": 8.02,
    "FlipAngle": 122,
    "CoilString": "32Ch Head",
    "PercentPhaseFOV": 100,
    "PercentSampling": 100,
    "EchoTrainLength": 15,
    "AcquisitionMatrixPE": 448,
    "ReconMatrixPE": 512,
    "ParallelReductionFactorInPlane": 2,
    "PixelBandwidth": 81.3672,
    "PhaseEncodingAxis": "i",
    "ImageOrientationPatientDICOM": [
        1,
        0,
        0,
        0,
        0.441559,
        -0.897232
    ],
    "InPlanePhaseEncodingDirectionDICOM": "ROW",
    "ConversionSoftware": "dcm2niix",
    "ConversionSoftwareVersion": "v1.0.20211006",
    "Dcm2bidsVersion": "2.1.6"
}