{
    "Modality": "MR",
    "MagneticFieldStrength": 3,
    "ImagingFrequency": 127.697,
    "Manufacturer": "GE",
    "ManufacturersModelName": "DISCOVERY MR750",
    "InstitutionName": "NIH FMRIF",
    "DeviceSerialNumber": "000301496MR3T6MR",
    "StationName": "fmrif3tb",
    "BodyPartExamined": "BRAIN",
    "PatientPosition": "HFS",
    "ProcedureStepDescription": "MRI Brain",
    "SoftwareVersions": "27\\LX\\MR Software release:DV26.0_R01_1725.a",
    "MRAcquisitionType": "3D",
    "SeriesDescription": "PURE MP-RAGE 1mm",
    "ProtocolName": "FMRIF - Clinical 32Ch Br",
    "ScanningSequence": "RM",
    "SequenceVariant": "NONE",
    "ScanOptions": "EDR_GEMS\\FILTERED_GEMS\\ACC_GEMS\\IR_GEMS",
    "ImageType": [
        "ORIGINAL",
        "PRIMARY",
        "OTHER"
    ],
    "SeriesNumber": 3,
    "AcquisitionTime": "15:21:36.000000",
    "AcquisitionNumber": 1,
    "SliceThickness": 1,
    "SpacingBetweenSlices": 1,
    "SAR": 0.101232,
    "EchoTime": 0.003476,
    "RepetitionTime": 0.007636,
    "InversionTime": 0.9,
    "FlipAngle": 7,
    "CoilString": "32Ch Head",
    "PercentPhaseFOV": 100,
    "PercentSampling": 100,
    "AcquisitionMatrixPE": 256,
    "ReconMatrixPE": 256,
    "ParallelReductionFactorInPlane": 2,
    "PixelBandwidth": 195.312,
    "ImageOrientationPatientDICOM": [
        -0.16224,
        0.98675,
        0,
        0,
        0,
        -1
    ],
    "InPlanePhaseEncodingDirectionDICOM": "ROW",
    "ConversionSoftware": "dcm2niix",
    "ConversionSoftwareVersion": "v1.0.20211006",
    "Dcm2bidsVersion": "2.1.6"
}