{
    "Modality": "MR",
    "MagneticFieldStrength": 3,
    "ImagingFrequency": 127.697,
    "Manufacturer": "GE",
    "ManufacturersModelName": "DISCOVERY MR750",
    "InstitutionName": "NIH FMRIF",
    "DeviceSerialNumber": "000301496MR3T6MR",
    "StationName": "FMRI3tb",
    "BodyPartExamined": "BRAIN",
    "PatientPosition": "HFS",
    "ProcedureStepDescription": "MRI Brain",
    "SoftwareVersions": "27\\LX\\MR Software release:DV26.0_R03_1831.b",
    "MRAcquisitionType": "3D",
    "SeriesDescription": "Axial 3D pCASL with Eyes Open",
    "ProtocolName": "ADNI3 FMRIF Enhanced Pro",
    "ScanningSequence": "RM",
    "SequenceVariant": "NONE",
    "ScanOptions": "SAT_GEMS\\EDR_GEMS\\SPIRAL_GEMS\\FS",
    "ImageType": [
        "DERIVED",
        "PRIMARY",
        "ASL",
        "PERFUSION",
        "ASL",
        "REAL"
    ],
    "RawImage": false,
    "SeriesNumber": 9,
    "AcquisitionTime": "12:37:26.000000",
    "AcquisitionNumber": 1,
    "SliceThickness": 4,
    "SpacingBetweenSlices": 4,
    "SAR": 0.508226,
    "NumberOfAverages": 3,
    "EchoTime": 0.010528,
    "RepetitionTime": 4.888,
    "InversionTime": 2.025,
    "FlipAngle": 111,
    "CoilString": "32Ch Head",
    "ASLContrastTechnique": "PSEUDOCONTINUOUS",
    "ASLLabelingTechnique": "3D pulsed continuous ASL technique",
    "LabelingDuration": 1.45,
    "PostLabelingDelay": 2.025,
    "NumberOfPointsPerArm": 512,
    "NumberOfArms": 8,
    "NumberOfExcitations": 3,
    "PercentPhaseFOV": 100,
    "PercentSampling": 100,
    "AcquisitionMatrixPE": 8,
    "ReconMatrixPE": 128,
    "ParallelReductionFactorInPlane": 2,
    "PixelBandwidth": 976.562,
    "ImageOrientationPatientDICOM": [
        1,
        0,
        0,
        0,
        1,
        0
    ],
    "InPlanePhaseEncodingDirectionDICOM": "COL",
    "ConversionSoftware": "dcm2niix",
    "ConversionSoftwareVersion": "v1.0.20211006",
    "Dcm2bidsVersion": "2.1.6"
}